PATH
  remote: .
  specs:
    test_notifier (0.4.0)
      notifier

GEM
  remote: http://gems.simplesideias.com.br/
  specs:
    mocha (0.9.12)
    notifier (0.1.4)
    rake (0.9.2)
    test-unit (2.2.0)

PLATFORMS
  ruby

DEPENDENCIES
  mocha
  rake
  test-unit
  test_notifier!
