PATH
  remote: .
  specs:
    test_notifier (1.0.1)
      notifier

GEM
  remote: http://rubygems.org/
  specs:
    diff-lcs (1.1.3)
    notifier (0.2.1)
    rake (0.9.2.2)
    rspec (2.11.0)
      rspec-core (~> 2.11.0)
      rspec-expectations (~> 2.11.0)
      rspec-mocks (~> 2.11.0)
    rspec-core (2.11.1)
    rspec-expectations (2.11.3)
      diff-lcs (~> 1.1.3)
    rspec-mocks (2.11.2)

PLATFORMS
  ruby

DEPENDENCIES
  rake
  rspec
  test_notifier!
