PATH
  remote: .
  specs:
    test_notifier (2.0.3)
      notifier

GEM
  remote: http://rubygems.org/
  specs:
    diff-lcs (1.2.5)
    notifier (0.5.0)
    rake (13.0.1)
    rspec (3.1.0)
      rspec-core (~> 3.1.0)
      rspec-expectations (~> 3.1.0)
      rspec-mocks (~> 3.1.0)
    rspec-core (3.1.6)
      rspec-support (~> 3.1.0)
    rspec-expectations (3.1.2)
      diff-lcs (>= 1.2.0, < 2.0)
      rspec-support (~> 3.1.0)
    rspec-mocks (3.1.3)
      rspec-support (~> 3.1.0)
    rspec-support (3.1.2)

PLATFORMS
  ruby

DEPENDENCIES
  rake
  rspec (>= 3.0.0)
  test_notifier!
