PATH
  remote: .
  specs:
    test_notifier (1.0.0)
      notifier

GEM
  remote: http://rubygems.org/
  specs:
    metaclass (0.0.1)
    mocha (0.12.4)
      metaclass (~> 0.0.1)
    notifier (0.2.1)
    rake (0.9.2.2)
    test-unit (2.5.2)

PLATFORMS
  ruby

DEPENDENCIES
  mocha
  rake
  test-unit
  test_notifier!
