PATH
  remote: .
  specs:
    test_notifier (2.0.2)
      notifier

GEM
  remote: http://rubygems.org/
  specs:
    diff-lcs (1.2.5)
    notifier (0.5.0)
    rake (10.3.2)
    rspec (3.0.0)
      rspec-core (~> 3.0.0)
      rspec-expectations (~> 3.0.0)
      rspec-mocks (~> 3.0.0)
    rspec-core (3.0.0)
      rspec-support (~> 3.0.0)
    rspec-expectations (3.0.0)
      diff-lcs (>= 1.2.0, < 2.0)
      rspec-support (~> 3.0.0)
    rspec-mocks (3.0.1)
      rspec-support (~> 3.0.0)
    rspec-support (3.0.0)

PLATFORMS
  ruby

DEPENDENCIES
  rake
  rspec (>= 3.0.0)
  test_notifier!
