PATH
  remote: .
  specs:
    test_notifier (2.0.1)
      notifier

GEM
  remote: http://rubygems.org/
  specs:
    diff-lcs (1.2.5)
    notifier (0.4.1)
    rake (10.2.2)
    rspec (3.0.0.beta2)
      rspec-core (= 3.0.0.beta2)
      rspec-expectations (= 3.0.0.beta2)
      rspec-mocks (= 3.0.0.beta2)
    rspec-core (3.0.0.beta2)
      rspec-support (= 3.0.0.beta2)
    rspec-expectations (3.0.0.beta2)
      diff-lcs (>= 1.2.0, < 2.0)
      rspec-support (= 3.0.0.beta2)
    rspec-mocks (3.0.0.beta2)
      rspec-support (= 3.0.0.beta2)
    rspec-support (3.0.0.beta2)

PLATFORMS
  ruby

DEPENDENCIES
  rake
  rspec (>= 3.0.0.beta2)
  test_notifier!
